PATH
  remote: .
  specs:
    yabeda-statsd (0.1.2)
      dogstatsd-ruby
      dry-configurable (~> 0.8)
      yabeda

GEM
  remote: https://rubygems.org/
  specs:
    concurrent-ruby (1.1.5)
    diff-lcs (1.3)
    dogstatsd-ruby (4.5.0)
    dry-configurable (0.9.0)
      concurrent-ruby (~> 1.0)
      dry-core (~> 0.4, >= 0.4.7)
    dry-core (0.4.9)
      concurrent-ruby (~> 1.0)
    dry-initializer (3.0.3)
    rake (12.3.3)
    rspec (3.9.0)
      rspec-core (~> 3.9.0)
      rspec-expectations (~> 3.9.0)
      rspec-mocks (~> 3.9.0)
    rspec-core (3.9.1)
      rspec-support (~> 3.9.1)
    rspec-expectations (3.9.0)
      diff-lcs (>= 1.2.0, < 2.0)
      rspec-support (~> 3.9.0)
    rspec-mocks (3.9.1)
      diff-lcs (>= 1.2.0, < 2.0)
      rspec-support (~> 3.9.0)
    rspec-support (3.9.2)
    yabeda (0.3.0)
      concurrent-ruby
      dry-initializer

PLATFORMS
  ruby

DEPENDENCIES
  bundler (~> 1.16)
  rake (~> 12.0)
  rspec (~> 3.0)
  yabeda-statsd!

BUNDLED WITH
   1.17.0
